PATH
  remote: .
  specs:
    riemann-babbler (2.0.9)
      configatron
      docile
      file-tail
      net-http-server
      net-ntp
      net-ping
      rest-client
      riemann-client
      sys-filesystem
      sys-proctable
      trollop

GEM
  remote: https://rubygems.org/
  specs:
    beefcake (0.4.0)
    blankslate (2.1.2.4)
    coderay (1.0.9)
    configatron (2.13.0)
      yamler (>= 0.1.0)
    diff-lcs (1.2.4)
    docile (1.1.0)
    ffi (1.9.3)
    file-tail (1.0.12)
      tins (~> 0.5)
    method_source (0.8.2)
    mime-types (2.0)
    mtrc (0.0.4)
    net-http-server (0.2.2)
      parslet (~> 1.0)
    net-ntp (2.1.1)
    net-ping (1.7.1)
      ffi (>= 1.0.0)
    parslet (1.5.0)
      blankslate (~> 2.0)
    pry (0.9.12.2)
      coderay (~> 1.0.5)
      method_source (~> 0.8)
      slop (~> 3.4)
    rake (10.1.0)
    rest-client (1.6.7)
      mime-types (>= 1.16)
    riemann-client (0.2.2)
      beefcake (>= 0.3.5)
      mtrc (>= 0.0.4)
      trollop (>= 1.16.2)
    rspec (2.14.1)
      rspec-core (~> 2.14.0)
      rspec-expectations (~> 2.14.0)
      rspec-mocks (~> 2.14.0)
    rspec-core (2.14.7)
    rspec-expectations (2.14.3)
      diff-lcs (>= 1.1.3, < 2.0)
    rspec-mocks (2.14.4)
    slop (3.4.6)
    sys-filesystem (1.1.1)
      ffi
    sys-proctable (0.9.3)
    tins (0.13.1)
    trollop (2.0)
    yamler (0.1.0)

PLATFORMS
  ruby

DEPENDENCIES
  bundler (~> 1.3)
  pry
  rake
  riemann-babbler!
  rspec
