PATH
  remote: .
  specs:
    riemann-babbler (0.0.1)
      configatron
      docile
      net-http-server
      rest-client
      riemann-client
      sys-filesystem
      trollop

GEM
  remote: https://rubygems.org/
  specs:
    beefcake (0.4.0)
    blankslate (2.1.2.4)
    coderay (1.0.9)
    configatron (2.13.0)
      yamler (>= 0.1.0)
    docile (1.1.0)
    ffi (1.9.0)
    method_source (0.8.2)
    mime-types (1.25)
    mtrc (0.0.4)
    net-http-server (0.2.2)
      parslet (~> 1.0)
    parslet (1.5.0)
      blankslate (~> 2.0)
    pry (0.9.12.2)
      coderay (~> 1.0.5)
      method_source (~> 0.8)
      slop (~> 3.4)
    rake (10.1.0)
    rest-client (1.6.7)
      mime-types (>= 1.16)
    riemann-client (0.2.2)
      beefcake (>= 0.3.5)
      mtrc (>= 0.0.4)
      trollop (>= 1.16.2)
    slop (3.4.6)
    sys-filesystem (1.1.1)
      ffi
    trollop (2.0)
    yamler (0.1.0)

PLATFORMS
  ruby

DEPENDENCIES
  bundler (~> 1.3)
  pry
  rake
  riemann-babbler!
